GEM
  remote: http://rubygems.org/
  specs:
    akami (1.2.0)
      gyoku (>= 0.4.0)
      nokogiri (>= 1.4.0)
    builder (3.2.0)
    coderay (1.0.9)
    git (1.2.5)
    gyoku (1.0.0)
      builder (>= 2.1.2)
    httpi (2.0.2)
      rack
    jeweler (1.8.4)
      bundler (~> 1.0)
      git (>= 1.2.5)
      rake
      rdoc
    json (1.7.7)
    method_source (0.8.1)
    nokogiri (1.5.9)
    nori (2.1.0)
    pry (0.9.12)
      coderay (~> 1.0.5)
      method_source (~> 0.8)
      slop (~> 3.4)
    rack (1.5.2)
    rake (10.0.4)
    rcov (0.9.9)
    rdoc (4.0.1)
      json (~> 1.4)
    redgreen (1.2.2)
    ruby-graphviz (0.9.21)
    ruby-hmac (0.4.0)
    savon (2.2.0)
      akami (~> 1.2.0)
      builder (>= 2.1.2)
      gyoku (~> 1.0.0)
      httpi (~> 2.0.2)
      nokogiri (>= 1.4.0)
      nori (~> 2.1.0)
      wasabi (~> 3.1.0)
    shoulda (2.11.3)
    slop (3.4.4)
    wasabi (3.1.0)
      httpi (~> 2.0)
      nokogiri (>= 1.4.0)

PLATFORMS
  ruby

DEPENDENCIES
  bundler (~> 1.3)
  jeweler (~> 1.8)
  pry
  rcov
  redgreen
  ruby-graphviz
  ruby-hmac
  savon (~> 2.2)
  shoulda
