GEM
  remote: http://rubygems.org/
  specs:
    httpclient (2.1.6.1)
    rspec (1.3.0)
    ruby-hmac (0.4.0)
    soap4r (1.5.8)
      httpclient (>= 2.1.1)

PLATFORMS
  ruby

DEPENDENCIES
  rspec (= 1.3.0)
  ruby-hmac (>= 0.4.0)
  soap4r (>= 1.5.8)
