GEM
  remote: http://rubygems.org/
  specs:
    git (1.2.5)
    httpclient (2.1.5.2)
    jeweler (1.5.2)
      bundler (~> 1.0.0)
      git (>= 1.2.5)
      rake
    rake (0.8.7)
    rcov (0.9.9)
    ruby-hmac (0.4.0)
    shoulda (2.11.3)
    soap4r (1.5.8.20100819081644)
      httpclient (~> 2.1.5.2)

PLATFORMS
  ruby

DEPENDENCIES
  bundler (~> 1.0.0)
  jeweler (~> 1.5.2)
  rcov
  ruby-hmac
  shoulda
  soap4r
